GIT
  remote: git://github.com/djstrong/progress.git
  revision: 46b34854f62c5f96a116cd971cd6d6226796e35c
  specs:
    progress (3.0.0)

PATH
  remote: ../cycloped-io/category-mapping
  specs:
    cyc-mapping (0.1.0)
      colors
      cycr
      htmlentities
      net-http-persistent
      progress
      rdf
      rod (>= 0.7.2.4, < 0.7.3.0)
      rod-rest
      slop

GEM
  remote: http://rubygems.org/
  specs:
    RubyInline (3.12.4)
      ZenTest (~> 4.3)
    ZenTest (4.11.0)
    activemodel (3.2.21)
      activesupport (= 3.2.21)
      builder (~> 3.0.0)
    activesupport (3.2.21)
      i18n (~> 0.6, >= 0.6.4)
      multi_json (~> 1.0)
    bsearch (1.5.0)
    builder (3.0.4)
    colors (0.0.7)
    concurrent-ruby (0.8.0)
      ref (~> 1.0, >= 1.0.5)
    cycr (0.2.6)
      ref (~> 1.0.0)
    english (0.5.0)
    faraday (0.9.1)
      multipart-post (>= 1.2, < 3)
    htmlentities (4.3.3)
    i18n (0.7.0)
    iconv (1.0.4)
    link_header (0.0.8)
    multi_json (1.11.0)
    multipart-post (2.0.0)
    net-http-persistent (2.9.4)
    rack (1.6.0)
    rack-protection (1.5.3)
      rack
    rdf (1.1.11)
      link_header (~> 0.0, >= 0.0.8)
    ref (1.0.5)
    rod (0.7.2.6)
      RubyInline (>= 3.10.0, < 4.0.0)
      activemodel (~> 3.2, >= 3.2.2)
      bsearch (>= 1.5.0, < 1.6.0)
      english (>= 0.5.0, < 0.6.0)
      ref (>= 1.0.5, < 2.0.0)
    rod-rest (0.5.2)
      faraday
      rod
      sinatra
    sinatra (1.4.6)
      rack (~> 1.4)
      rack-protection (~> 1.4)
      tilt (>= 1.3, < 3)
    slop (3.4.7)
    tilt (2.0.1)

PLATFORMS
  ruby

DEPENDENCIES
  concurrent-ruby
  cyc-mapping!
  cycr
  iconv
  progress!
  sinatra
  slop (~> 3.4.7)
